GEM
  remote: http://ruby.taobao.org/
  specs:
    activemodel (3.2.13)
      activesupport (= 3.2.13)
      builder (~> 3.0.0)
    activerecord (3.2.13)
      activemodel (= 3.2.13)
      activesupport (= 3.2.13)
      arel (~> 3.0.2)
      tzinfo (~> 0.3.29)
    activesupport (3.2.13)
      i18n (= 0.6.1)
      multi_json (~> 1.0)
    amq-client (1.0.0)
      amq-protocol (>= 1.2.0)
      eventmachine
    amq-protocol (1.2.0)
    amqp (1.0.0)
      amq-client (~> 1.0.0)
      amq-protocol (~> 1.2.0)
      eventmachine
    arel (3.0.2)
    authlogic (3.3.0)
      activerecord (>= 3.2)
      activesupport (>= 3.2)
    backports (2.6.7)
    better_errors (0.8.0)
      coderay (>= 1.0.0)
      erubis (>= 2.6.6)
    binding_of_caller (0.7.1)
      debug_inspector (>= 0.0.1)
    bourne (1.4.0)
      mocha (~> 0.13.2)
    builder (3.0.4)
    coderay (1.0.9)
    daemons (1.1.9)
    dalli (2.6.2)
    debug_inspector (0.0.2)
    descendants_tracker (0.0.1)
    erubis (2.7.0)
    eventmachine (1.0.3)
    git (1.2.5)
    hiredis (0.4.5)
    i18n (0.6.1)
    jeweler (1.8.4)
      bundler (~> 1.0)
      git (>= 1.2.5)
      rake
      rdoc
    json (1.7.7)
    kgio (2.8.0)
    kramdown (1.0.1)
    macaddr (1.6.1)
      systemu (~> 2.5.0)
    metaclass (0.0.1)
    method_source (0.8.1)
    mocha (0.13.3)
      metaclass (~> 0.0.1)
    multi_json (1.7.2)
    mysql2 (0.3.11)
    pry (0.9.12)
      coderay (~> 1.0.5)
      method_source (~> 0.8)
      slop (~> 3.4)
    pry-doc (0.4.5)
      pry (>= 0.9)
      yard (>= 0.8)
    rack (1.5.2)
    rack-protection (1.5.0)
      rack
    rack-test (0.6.2)
      rack (>= 1.0)
    rails3_acts_as_paranoid (0.2.5)
      activerecord (~> 3.2)
    rake (10.0.4)
    rdoc (3.12.2)
      json (~> 1.4)
    redis (3.0.3)
    redis-objects (0.7.0)
      redis (>= 3.0.2)
    shoulda (3.4.0)
      shoulda-context (~> 1.0, >= 1.0.1)
      shoulda-matchers (~> 1.0, >= 1.4.1)
    shoulda-context (1.1.0)
    shoulda-matchers (1.5.6)
      activesupport (>= 3.0.0)
      bourne (~> 1.3)
    simplecov (0.7.1)
      multi_json (~> 1.0)
      simplecov-html (~> 0.7.1)
    simplecov-html (0.7.1)
    sinatra (1.4.2)
      rack (~> 1.5, >= 1.5.2)
      rack-protection (~> 1.4)
      tilt (~> 1.3, >= 1.3.4)
    sinatra-contrib (1.4.0)
      backports (>= 2.0)
      eventmachine
      rack-protection
      rack-test
      sinatra (~> 1.4.2)
      tilt (~> 1.3)
    slop (3.4.4)
    sqlite3 (1.3.7)
    systemu (2.5.2)
    thin (1.5.1)
      daemons (>= 1.0.9)
      eventmachine (>= 0.12.6)
      rack (>= 1.0.0)
    tilt (1.3.6)
    tzinfo (0.3.37)
    uuid (2.3.7)
      macaddr (~> 1.0)
    virtus (0.5.4)
      backports (~> 2.6.1)
      descendants_tracker (~> 0.0.1)
    yard (0.8.5.2)

PLATFORMS
  ruby

DEPENDENCIES
  activerecord
  activesupport
  amqp
  authlogic
  better_errors
  binding_of_caller
  bundler (> 1.0.0)
  dalli
  eventmachine
  hiredis
  jeweler (~> 1.8.4)
  json
  kgio
  kramdown
  mysql2
  pry
  pry-doc
  rails3_acts_as_paranoid
  rdoc (~> 3.12)
  redis
  redis-objects
  shoulda
  simplecov
  sinatra
  sinatra-contrib
  sqlite3
  thin
  uuid
  virtus
